GEM
  specs:
    rack (1.2.1)
    sinatra (1.1.0)
      rack (~> 1.1)
      tilt (~> 1.1)
    tilt (1.1)
    typhoeus (0.2.0)

PLATFORMS
  ruby

DEPENDENCIES
  sinatra
  typhoeus
